PATH
  remote: .
  specs:
    heelbot (2.0.0)
      liquid
      mail
      os
      sinatra

GEM
  remote: https://rubygems.org/
  specs:
    codeclimate-test-reporter (0.6.0)
      simplecov (>= 0.7.1, < 1.0.0)
    docile (1.1.5)
    json (1.8.3)
    liquid (3.0.6)
    mail (2.6.4)
      mime-types (>= 1.16, < 4)
    mime-types (3.1)
      mime-types-data (~> 3.2015)
    mime-types-data (3.2016.0521)
    mini_portile2 (2.1.0)
    minitest (5.9.0)
    nokogiri (1.6.8)
      mini_portile2 (~> 2.1.0)
      pkg-config (~> 1.1.7)
    os (0.9.6)
    pkg-config (1.1.7)
    rack (1.6.4)
    rack-protection (1.5.3)
      rack
    rake (11.2.2)
    simplecov (0.12.0)
      docile (~> 1.1.0)
      json (>= 1.8, < 3)
      simplecov-html (~> 0.10.0)
    simplecov-html (0.10.0)
    sinatra (1.4.7)
      rack (~> 1.5)
      rack-protection (~> 1.4)
      tilt (>= 1.3, < 3)
    tilt (2.0.5)
    webrick (1.3.1)

PLATFORMS
  ruby

DEPENDENCIES
  bundler (~> 1.6)
  codeclimate-test-reporter
  heelbot!
  json
  liquid
  mail
  minitest
  nokogiri
  os
  rake
  webrick

BUNDLED WITH
   1.12.5
